PATH
  remote: .
  specs:
    graphql-activerecord (0.6.7)
      activerecord (~> 4.2)
      activesupport (~> 4.2)
      graphql (~> 0.13.0)
      graphql-batch (~> 0.2.1)
      graphql-relay (~> 0.9.5)

GEM
  remote: https://rubygems.org/
  specs:
    activemodel (4.2.6)
      activesupport (= 4.2.6)
      builder (~> 3.1)
    activerecord (4.2.6)
      activemodel (= 4.2.6)
      activesupport (= 4.2.6)
      arel (~> 6.0)
    activesupport (4.2.6)
      i18n (~> 0.7)
      json (~> 1.7, >= 1.7.7)
      minitest (~> 5.1)
      thread_safe (~> 0.3, >= 0.3.4)
      tzinfo (~> 1.1)
    arel (6.0.3)
    builder (3.2.2)
    diff-lcs (1.2.5)
    graphql (0.13.0)
    graphql-batch (0.2.1)
      graphql (~> 0.8)
      promise.rb (~> 0.7.0.rc2)
    graphql-relay (0.9.5)
      graphql (~> 0.13)
    i18n (0.7.0)
    json (1.8.3)
    minitest (5.9.0)
    promise.rb (0.7.0)
    rake (10.5.0)
    rspec (3.5.0)
      rspec-core (~> 3.5.0)
      rspec-expectations (~> 3.5.0)
      rspec-mocks (~> 3.5.0)
    rspec-core (3.5.2)
      rspec-support (~> 3.5.0)
    rspec-expectations (3.5.0)
      diff-lcs (>= 1.2.0, < 2.0)
      rspec-support (~> 3.5.0)
    rspec-mocks (3.5.0)
      diff-lcs (>= 1.2.0, < 2.0)
      rspec-support (~> 3.5.0)
    rspec-support (3.5.0)
    thread_safe (0.3.5)
    tzinfo (1.2.2)
      thread_safe (~> 0.1)

PLATFORMS
  ruby

DEPENDENCIES
  bundler (~> 1.11)
  graphql-activerecord!
  rake (~> 10.0)
  rspec (~> 3.0)

BUNDLED WITH
   1.12.5
